GIT
  remote: https://github.com/babelian/service_protocol.git
  revision: a877278e7609f0acb5d2c5f38037d5e5652809a2
  tag: v1.1.2
  specs:
    service_protocol (1.1.2)
      rack (>= 2.0.0)
      request_store (>= 1.4.1)

PATH
  remote: .
  specs:
    service_protocol-redis (1.0.0)
      redis (= 4.1.0)
      redis-queue (= 0.1.0)
      request_store (>= 1.4.1)
      service_protocol (>= 1.1.0)

GEM
  remote: https://rubygems.org/
  specs:
    byebug (10.0.2)
    coderay (1.1.2)
    diff-lcs (1.3)
    docile (1.3.2)
    json (2.3.1)
    method_source (0.9.2)
    pry (0.12.2)
      coderay (~> 1.1.0)
      method_source (~> 0.9.0)
    pry-byebug (3.6.0)
      byebug (~> 10.0)
      pry (~> 0.10)
    rack (2.0.6)
    rack-test (0.8.3)
      rack (>= 1.0, < 3)
    rake (12.3.2)
    redis (4.1.0)
    redis-queue (0.1.0)
      redis (>= 3.3.5, < 5)
    request_store (1.4.1)
      rack (>= 1.4)
    rspec (3.7.0)
      rspec-core (~> 3.7.0)
      rspec-expectations (~> 3.7.0)
      rspec-mocks (~> 3.7.0)
    rspec-core (3.7.1)
      rspec-support (~> 3.7.0)
    rspec-expectations (3.7.0)
      diff-lcs (>= 1.2.0, < 2.0)
      rspec-support (~> 3.7.0)
    rspec-mocks (3.7.0)
      diff-lcs (>= 1.2.0, < 2.0)
      rspec-support (~> 3.7.0)
    rspec-support (3.7.1)
    simplecov (0.16.1)
      docile (~> 1.1)
      json (>= 1.8, < 3)
      simplecov-html (~> 0.10.0)
    simplecov-html (0.10.2)

PLATFORMS
  ruby

DEPENDENCIES
  pry-byebug
  rack-test (= 0.8.3)
  rake (= 12.3.2)
  rspec (= 3.7.0)
  service_protocol!
  service_protocol-redis!
  simplecov (= 0.16.1)

RUBY VERSION
   ruby 2.6.0p0

BUNDLED WITH
   1.17.3
